GEM
  remote: https://rubygems.org/
  specs:
    Ascii85 (1.0.2)
    afm (0.2.2)
    commander (4.3.5)
      highline (~> 1.7.2)
    hashery (2.1.1)
    highline (1.7.8)
    json (1.8.3)
    libsvm-ruby-swig (0.4.0)
    mini_portile (0.6.2)
    nokogiri (1.6.6.2)
      mini_portile (~> 0.6.0)
    pdf-core (0.6.0)
    pdf-extract (0.1.1)
      commander (>= 4.0.4)
      json (>= 1.5.1)
      libsvm-ruby-swig (>= 0.4.0)
      nokogiri (>= 1.5.0)
      pdf-reader (>= 1.1.0)
      prawn (>= 0.11.1)
      sqlite3 (>= 1.3.4)
    pdf-reader (1.1.1)
      Ascii85 (~> 1.0.0)
      afm (~> 0.2.0)
      hashery (~> 2.0)
      ruby-rc4
      ttfunk
    prawn (2.0.2)
      pdf-core (~> 0.6.0)
      ttfunk (~> 1.4.0)
    ruby-rc4 (0.1.5)
    sqlite3 (1.3.11)
    ttfunk (1.4.0)

PLATFORMS
  ruby

DEPENDENCIES
  pdf-extract
